GIT
  remote: git://github.com/dockyard/easy_auth-oauth.git
  revision: 32caea8d4b2ac740b5fc869eb4e8e812b805eeef
  specs:
    easy_auth-oauth (0.2.0)
      easy_auth (~> 0.3.0)
      oauth (~> 0.4.7)

GIT
  remote: git://github.com/dockyard/easy_auth-twitter.git
  revision: 7090f4600da502afea733ee74280521a64c6c48d
  specs:
    easy_auth-twitter (0.1.1)
      easy_auth-oauth (~> 0.2.0)

GIT
  remote: git://github.com/dockyard/easy_auth.git
  revision: 9af9276a3e50d677fcbf64d691c3c2e972f96db1
  branch: rails4
  specs:
    easy_auth (0.3.0)
      rails (~> 4.0.0.beta1)

GIT
  remote: git://github.com/milgner/compass-rails.git
  revision: 1749c06f15dc4b058427e7969810457213647fb8
  branch: rails4
  specs:
    compass-rails (1.0.3)
      compass (>= 0.12.2, < 0.14)

GIT
  remote: git://github.com/rails/rails.git
  revision: 130d3a06ade83aec27cf1d2ff841dce9e0ad4dfd
  specs:
    actionmailer (4.0.0.beta1)
      actionpack (= 4.0.0.beta1)
      mail (~> 2.5.3)
    actionpack (4.0.0.beta1)
      activesupport (= 4.0.0.beta1)
      builder (~> 3.1.0)
      erubis (~> 2.7.0)
      rack (~> 1.5.2)
      rack-test (~> 0.6.2)
    activemodel (4.0.0.beta1)
      activesupport (= 4.0.0.beta1)
      builder (~> 3.1.0)
    activerecord (4.0.0.beta1)
      activemodel (= 4.0.0.beta1)
      activerecord-deprecated_finders (~> 0.0.3)
      activesupport (= 4.0.0.beta1)
      arel (~> 4.0.0.beta2)
    activesupport (4.0.0.beta1)
      i18n (~> 0.6, >= 0.6.4)
      minitest (~> 4.2)
      multi_json (~> 1.3)
      thread_safe (~> 0.1)
      tzinfo (~> 0.3.37)
    rails (4.0.0.beta1)
      actionmailer (= 4.0.0.beta1)
      actionpack (= 4.0.0.beta1)
      activerecord (= 4.0.0.beta1)
      activesupport (= 4.0.0.beta1)
      bundler (>= 1.3.0, < 2.0)
      railties (= 4.0.0.beta1)
      sprockets-rails (~> 2.0.0.rc3)
    railties (4.0.0.beta1)
      actionpack (= 4.0.0.beta1)
      activesupport (= 4.0.0.beta1)
      rake (>= 0.8.7)
      thor (>= 0.18.1, < 2.0)

GIT
  remote: git://github.com/thoughtbot/shoulda-matchers.git
  revision: d92d548d421726e4d4790bf439855c0c42d2b279
  specs:
    shoulda-matchers (2.0.0)
      activesupport (>= 3.0.0)

GEM
  remote: https://rubygems.org/
  specs:
    activerecord-deprecated_finders (0.0.3)
    arel (4.0.0.beta2)
    atomic (1.1.7)
    builder (3.1.4)
    cane (2.5.2)
      parallel
    choice (0.1.6)
    chunky_png (1.2.8)
    coderay (1.0.9)
    coffee-rails (4.0.0.beta1)
      coffee-script (>= 2.2.0)
      railties (>= 4.0.0.beta, < 5.0)
    coffee-script (2.2.0)
      coffee-script-source
      execjs
    coffee-script-source (1.6.2)
    compass (0.12.2)
      chunky_png (~> 1.2)
      fssm (>= 0.2.7)
      sass (~> 3.1)
    database_cleaner (1.0.0.RC1)
    diff-lcs (1.2.3)
    erd (0.1.6)
      nokogiri
      rails-erd (>= 0.4.5)
    erubis (2.7.0)
    execjs (1.4.0)
      multi_json (~> 1.0)
    fabrication (2.6.4)
    fast_gettext (0.7.0)
    ffaker (1.15.0)
    ffi (1.7.0)
    formatador (0.2.4)
    fssm (0.2.10)
    gettext_i18n_rails (0.9.4)
      fast_gettext (>= 0.4.8)
    guard (1.7.0)
      formatador (>= 0.2.4)
      listen (>= 0.6.0)
      lumberjack (>= 1.0.2)
      pry (>= 0.9.10)
      thor (>= 0.14.6)
    guard-rspec (2.5.3)
      guard (>= 1.1)
      rspec (~> 2.11)
    haml (4.0.2)
      tilt
    haml-rails (0.4)
      actionpack (>= 3.1, < 4.1)
      activesupport (>= 3.1, < 4.1)
      haml (>= 3.1, < 4.1)
      railties (>= 3.1, < 4.1)
    hike (1.2.2)
    i18n (0.6.4)
    jquery-rails (2.2.1)
      railties (>= 3.0, < 5.0)
      thor (>= 0.14, < 2.0)
    libv8 (3.11.8.17)
    listen (0.7.3)
    lumberjack (1.0.3)
    mail (2.5.3)
      i18n (>= 0.4.0)
      mime-types (~> 1.16)
      treetop (~> 1.4.8)
    method_source (0.8.1)
    mime-types (1.22)
    mina (0.2.1)
      open4
      rake
    minitest (4.7.1)
    multi_json (1.7.2)
    nokogiri (1.5.9)
    oauth (0.4.7)
    oj (2.0.10)
    open4 (1.3.0)
    parallel (0.6.4)
    pg (0.15.1)
    polyglot (0.3.3)
    pry (0.9.12)
      coderay (~> 1.0.5)
      method_source (~> 0.8)
      slop (~> 3.4)
    pry-rails (0.2.2)
      pry (>= 0.9.10)
    puma (1.6.3)
      rack (~> 1.2)
    quiet_assets (1.0.2)
      railties (>= 3.1, < 5.0)
    rack (1.5.2)
    rack-test (0.6.2)
      rack (>= 1.0)
    rails-erd (1.1.0)
      activerecord (>= 3.0)
      activesupport (>= 3.0)
      choice (~> 0.1.6)
      ruby-graphviz (~> 1.0.4)
    rake (10.0.4)
    rb-inotify (0.9.0)
      ffi (>= 0.5.0)
    ref (1.0.4)
    rspec (2.13.0)
      rspec-core (~> 2.13.0)
      rspec-expectations (~> 2.13.0)
      rspec-mocks (~> 2.13.0)
    rspec-core (2.13.1)
    rspec-expectations (2.13.0)
      diff-lcs (>= 1.1.3, < 2.0)
    rspec-mocks (2.13.1)
    rspec-rails (2.13.0)
      actionpack (>= 3.0)
      activesupport (>= 3.0)
      railties (>= 3.0)
      rspec-core (~> 2.13.0)
      rspec-expectations (~> 2.13.0)
      rspec-mocks (~> 2.13.0)
    ruby-graphviz (1.0.8)
    sanitize (2.0.3)
      nokogiri (>= 1.4.4, < 1.6)
      nokogiri (>= 1.4.4, < 1.6)
    sass (3.2.7)
    sass-rails (4.0.0.beta1)
      railties (>= 4.0.0.beta, < 5.0)
      sass (>= 3.1.10)
      sprockets-rails (~> 2.0.0.rc0)
      tilt (~> 1.3)
    seedbank (0.2.1)
    settingslogic (2.0.9)
    simplecov (0.7.1)
      multi_json (~> 1.0)
      simplecov-html (~> 0.7.1)
    simplecov-html (0.7.1)
    slop (3.4.4)
    sprockets (2.9.2)
      hike (~> 1.2)
      multi_json (~> 1.0)
      rack (~> 1.0)
      tilt (~> 1.1, != 1.3.0)
    sprockets-rails (2.0.0.rc3)
      actionpack (>= 3.0)
      activesupport (>= 3.0)
      sprockets (~> 2.8)
    sqlite3 (1.3.7)
    therubyracer (0.11.4)
      libv8 (~> 3.11.8.12)
      ref
    thor (0.18.1)
    thread_safe (0.1.0)
      atomic
    tilt (1.3.7)
    treetop (1.4.12)
      polyglot
      polyglot (>= 0.3.1)
    tzinfo (0.3.37)
    uglifier (2.0.1)
      execjs (>= 0.3.0)
      multi_json (~> 1.0, >= 1.0.2)
    yard (0.8.6)
    zurb-foundation (4.1.2)
      sass (>= 3.2.0)

PLATFORMS
  ruby

DEPENDENCIES
  cane
  coffee-rails (~> 4.0.0.beta1)
  compass-rails!
  database_cleaner (~> 1.0.0.RC1)
  easy_auth!
  easy_auth-oauth!
  easy_auth-twitter!
  erd
  fabrication
  ffaker
  gettext_i18n_rails
  guard-rspec
  haml-rails
  jquery-rails
  mina
  oj
  pg
  pry-rails
  puma
  quiet_assets
  rails!
  rb-inotify
  rspec-rails
  sanitize
  sass-rails (~> 4.0.0.beta1)
  seedbank
  settingslogic
  shoulda-matchers!
  simplecov
  sqlite3
  therubyracer
  uglifier
  yard
  zurb-foundation
